PATH
  remote: .
  specs:
    dm-dh_api-adapter (0.0.1)
      dm-core (~> 1.1.0)
      httparty (~> 0.7.4)

GEM
  remote: http://rubygems.org/
  specs:
    addressable (2.2.4)
    crack (0.1.8)
    dm-core (1.1.0)
      addressable (~> 2.2.4)
    httparty (0.7.4)
      crack (= 0.1.8)
    rspec (1.3.1)

PLATFORMS
  ruby

DEPENDENCIES
  dm-dh_api-adapter!
  rspec (~> 1.3.1)
